PATH
  remote: .
  specs:
    rails_simple_config (0.0.8)

GEM
  remote: http://rubygems.org/
  specs:

PLATFORMS
  ruby

DEPENDENCIES
  rails_simple_config!

BUNDLED WITH
   2.2.31
